GEM
  remote: https://rubygems.org/
  specs:
    backports (3.15.0)
    mini_portile2 (2.8.1)
    multi_json (1.13.1)
    mustermann (1.0.3)
    mysql2 (0.5.2)
    nokogiri (1.14.3)
      mini_portile2 (~> 2.8.0)
      racc (~> 1.4)
    racc (1.6.2)
    rack (2.2.3)
    rack-protection (2.0.7)
      rack
    sequel (5.24.0)
    sinatra (2.0.7)
      mustermann (~> 1.0)
      rack (~> 2.0)
      rack-protection (= 2.0.7)
      tilt (~> 2.0)
    sinatra-contrib (2.0.7)
      backports (>= 2.8.2)
      multi_json
      mustermann (~> 1.0)
      rack-protection (= 2.0.7)
      sinatra (= 2.0.7)
      tilt (~> 2.0)
    sinatra-sequel (0.9.0)
      sequel (>= 3.2.0)
      sinatra (>= 0.9.4)
    tilt (2.0.9)

PLATFORMS
  ruby

DEPENDENCIES
  mysql2
  nokogiri
  sequel
  sinatra
  sinatra-contrib
  sinatra-sequel

BUNDLED WITH
   2.0.2
