GEM
  remote: https://rubygems.org/
  specs:
    date (3.3.4)
    json (2.6.3)
    multi_json (1.15.0)
    mustermann (3.0.0)
      ruby2_keywords (~> 0.0.1)
    mysql2 (0.5.5)
    open-uri (0.4.1)
      stringio
      time
      uri
    rack (2.2.8.1)
    rack-protection (3.0.6)
      rack
    ruby2_keywords (0.0.5)
    sequel (5.70.0)
    sinatra (3.0.6)
      mustermann (~> 3.0)
      rack (~> 2.2, >= 2.2.4)
      rack-protection (= 3.0.6)
      tilt (~> 2.0)
    sinatra-contrib (3.0.6)
      multi_json
      mustermann (~> 3.0)
      rack-protection (= 3.0.6)
      sinatra (= 3.0.6)
      tilt (~> 2.0)
    sinatra-sequel (0.9.0)
      sequel (>= 3.2.0)
      sinatra (>= 0.9.4)
    stringio (3.1.0)
    tilt (2.2.0)
    time (0.3.0)
      date
    uri (0.13.0)

PLATFORMS
  x86_64-linux

DEPENDENCIES
  json
  mysql2
  open-uri
  sequel
  sinatra
  sinatra-contrib
  sinatra-sequel

BUNDLED WITH
   2.1.4
